GEM
  remote: https://rubygems.org/
  specs:
    ruby2d (0.9.5)

PLATFORMS
  x86_64-darwin-19

DEPENDENCIES
  ruby2d (~> 0.9.5)

BUNDLED WITH
   2.4.12
